PATH
  remote: .
  specs:
    promenade (0.3.0)
      activesupport
      prometheus-client-mmap (~> 0.12.0)
      rack

GEM
  remote: https://rubygems.org/
  specs:
    activesupport (6.0.3.3)
      concurrent-ruby (~> 1.0, >= 1.0.2)
      i18n (>= 0.7, < 2)
      minitest (~> 5.1)
      tzinfo (~> 1.1)
      zeitwerk (~> 2.2, >= 2.2.2)
    ast (2.4.1)
    backports (3.18.2)
    binding_of_caller (0.8.0)
      debug_inspector (>= 0.0.1)
    climate_control (0.2.0)
    codecov (0.2.11)
      json
      simplecov
    coderay (1.1.3)
    concurrent-ruby (1.1.7)
    debug_inspector (0.0.3)
    deep-cover (1.0.0)
      deep-cover-core (= 1.0.0)
      highline
      thor (>= 0.20.3)
      with_progress
    deep-cover-core (1.0.0)
      backports (>= 3.11.0)
      binding_of_caller
      parser (>= 2.5)
      pry
      term-ansicolor
      terminal-table
    diff-lcs (1.4.4)
    docile (1.3.2)
    highline (2.0.3)
    i18n (1.8.5)
      concurrent-ruby (~> 1.0)
    json (2.3.1)
    method_source (1.0.0)
    minitest (5.14.2)
    parallel (1.19.2)
    parser (2.7.1.4)
      ast (~> 2.4.1)
    prometheus-client-mmap (0.12.0)
    pry (0.13.1)
      coderay (~> 1.1)
      method_source (~> 1.0)
    rack (2.2.3)
    rainbow (3.0.0)
    rake (13.0.1)
    regexp_parser (1.7.1)
    rexml (3.2.5)
    rspec (3.9.0)
      rspec-core (~> 3.9.0)
      rspec-expectations (~> 3.9.0)
      rspec-mocks (~> 3.9.0)
    rspec-core (3.9.2)
      rspec-support (~> 3.9.3)
    rspec-expectations (3.9.2)
      diff-lcs (>= 1.2.0, < 2.0)
      rspec-support (~> 3.9.0)
    rspec-mocks (3.9.1)
      diff-lcs (>= 1.2.0, < 2.0)
      rspec-support (~> 3.9.0)
    rspec-support (3.9.3)
    rubocop (0.91.0)
      parallel (~> 1.10)
      parser (>= 2.7.1.1)
      rainbow (>= 2.2.2, < 4.0)
      regexp_parser (>= 1.7)
      rexml
      rubocop-ast (>= 0.4.0, < 1.0)
      ruby-progressbar (~> 1.7)
      unicode-display_width (>= 1.4.0, < 2.0)
    rubocop-ast (0.4.0)
      parser (>= 2.7.1.4)
    rubocop-performance (1.8.0)
      rubocop (>= 0.87.0)
    rubocop-rails (2.8.0)
      activesupport (>= 4.2.0)
      rack (>= 1.1)
      rubocop (>= 0.87.0)
    ruby-progressbar (1.10.1)
    simplecov (0.19.0)
      docile (~> 1.1)
      simplecov-html (~> 0.11)
    simplecov-html (0.12.2)
    sync (0.5.0)
    term-ansicolor (1.7.1)
      tins (~> 1.0)
    terminal-table (1.8.0)
      unicode-display_width (~> 1.1, >= 1.1.1)
    thor (1.0.1)
    thread_safe (0.3.6)
    tins (1.25.0)
      sync
    tzinfo (1.2.7)
      thread_safe (~> 0.1)
    unicode-display_width (1.7.0)
    with_progress (1.0.1)
      ruby-progressbar (~> 1.4)
    zeitwerk (2.4.0)

PLATFORMS
  ruby

DEPENDENCIES
  bundler (~> 2.0)
  climate_control
  codecov
  deep-cover
  promenade!
  rake (~> 13.0)
  rspec (~> 3.0)
  rubocop
  rubocop-performance
  rubocop-rails
  simplecov

BUNDLED WITH
   2.2.14
